PATH
  remote: .
  specs:
    interactive_world_map_plugin (0.0.0)

GEM
  remote: https://rubygems.org/
  specs:

PLATFORMS
  ruby

DEPENDENCIES
  interactive_world_map_plugin!

BUNDLED WITH
   1.10.6
